PATH
  remote: .
  specs:
    helu (0.3)
      bubble-wrap
      sugarcube

GEM
  remote: https://rubygems.org/
  specs:
    bubble-wrap (1.3.0)
    rake (10.1.0)
    sugarcube (0.20.25)

PLATFORMS
  ruby

DEPENDENCIES
  helu!
  rake
